GEM
  remote: https://rubygems.org/
  specs:
    activesupport (3.2.14)
      i18n (~> 0.6, >= 0.6.4)
      multi_json (~> 1.0)
    afmotion (0.7)
      motion-cocoapods (>= 1.2.1)
    awesome_print_motion (0.1.0)
    bubble-wrap (1.3.0)
    claide (0.3.2)
    cocoapods (0.22.3)
      activesupport (~> 3.2.13)
      claide (~> 0.3.2)
      cocoapods-core (= 0.22.3)
      cocoapods-downloader (~> 0.1.1)
      colored (~> 1.2)
      escape (~> 0.0.4)
      json (~> 1.8.0)
      open4 (~> 1.3.0)
      xcodeproj (~> 0.8.1)
    cocoapods-core (0.22.3)
      activesupport (~> 3.2.13)
      json (~> 1.8.0)
      nap (~> 0.5.1)
    cocoapods-downloader (0.1.1)
    colored (1.2)
    escape (0.0.4)
    i18n (0.6.4)
    json (1.8.0)
    mini_portile (0.5.1)
    motion-cocoapods (1.3.5)
      cocoapods (>= 0.17.0)
    motion_migrate (0.1.0)
      nokogiri
    multi_json (1.7.7)
    nap (0.5.1)
    nokogiri (1.6.0)
      mini_portile (~> 0.5.0)
    open4 (1.3.0)
    rake (10.1.0)
    sugarcube (0.20.25)
    sweettea (0.5.6)
      rake
      sugarcube
      teacup
    teacup (2.1.1)
    xcodeproj (0.8.1)
      activesupport (~> 3.2.13)
      colored (~> 1.2)

PLATFORMS
  ruby

DEPENDENCIES
  afmotion
  awesome_print_motion
  bubble-wrap
  motion-cocoapods
  motion_migrate
  sugarcube (= 0.20.25)
  sweettea
  teacup
